GEM
  remote: http://rubygems.org/
  specs:
    ZenTest (4.5.0)
    archive-tar-minitar (0.5.2)
    autotest-fsevent (0.2.5)
      sys-uname
    autotest-growl (0.2.9)
    columnize (0.3.2)
    diff-lcs (1.1.2)
    linecache19 (0.5.11)
      ruby_core_source (>= 0.1.4)
    mocha (0.9.12)
    redgreen (1.2.2)
    rspec (2.5.0)
      rspec-core (~> 2.5.0)
      rspec-expectations (~> 2.5.0)
      rspec-mocks (~> 2.5.0)
    rspec-core (2.5.1)
    rspec-expectations (2.5.0)
      diff-lcs (~> 1.1.2)
    rspec-mocks (2.5.0)
    ruby-debug-base19 (0.11.24)
      columnize (>= 0.3.1)
      linecache19 (>= 0.5.11)
      ruby_core_source (>= 0.1.4)
    ruby-debug19 (0.11.6)
      columnize (>= 0.3.1)
      linecache19 (>= 0.5.11)
      ruby-debug-base19 (>= 0.11.19)
    ruby_core_source (0.1.4)
      archive-tar-minitar (>= 0.5.2)
    sys-uname (0.8.5)

PLATFORMS
  ruby

DEPENDENCIES
  ZenTest
  autotest-fsevent
  autotest-growl
  mocha
  redgreen
  rspec
  ruby-debug19
